PATH
  remote: .
  specs:
    way_of_working-reading_ease (0.1.0)
      way_of_working (~> 1.0)

GEM
  remote: https://rubygems.org/
  specs:
    addressable (2.8.6)
      public_suffix (>= 2.0.2, < 6.0)
    git (1.19.0)
      addressable (~> 2.8)
      rchardet (~> 1.8)
    minitest (5.20.0)
    public_suffix (5.0.4)
    rainbow (3.1.1)
    rake (13.1.0)
    rchardet (1.8.0)
    thor (1.3.0)
    way_of_working (1.0.0)
      git (~> 1.13)
      rainbow (~> 3.1)
      thor (~> 1.2)

PLATFORMS
  arm64-darwin-21
  ruby

DEPENDENCIES
  minitest (~> 5.16)
  rake (~> 13.0)
  way_of_working-reading_ease!

BUNDLED WITH
   2.5.4
